FRAMEWORK: NET35, NET40
NUGET
  remote: https://www.nuget.org/api/v2
  specs:
    FSharp.Data (2.2.5)
    Unquote (3.1.1)
    xunit (2.1.0)
      xunit.assert (2.1.0)
      xunit.core (2.1.0)
    xunit.assert (2.1.0)
    xunit.core (2.1.0)
    xunit.runner.visualstudio (2.1.0)
